PATH
  remote: .
  specs:
    capbac (0.2.0)
      rutie (~> 0.0.3)
      thermite (~> 0)
    capbac_cli (0.2.0)
      capbac (= 0.2.0)
      commander (~> 4.5.2)

GEM
  remote: https://rubygems.org/
  specs:
    ast (2.4.1)
    commander (4.5.2)
      highline (~> 2.0.0)
    highline (2.0.3)
    io-console (0.5.6)
    irb (1.2.4)
      reline (>= 0.0.1)
    minitar (0.9)
    parallel (1.19.2)
    parser (2.7.1.4)
      ast (~> 2.4.1)
    rainbow (3.0.0)
    rake (13.0.1)
    regexp_parser (1.7.1)
    reline (0.1.4)
      io-console (~> 0.5)
    rexml (3.2.4)
    rubocop (0.87.1)
      parallel (~> 1.10)
      parser (>= 2.7.1.1)
      rainbow (>= 2.2.2, < 4.0)
      regexp_parser (>= 1.7)
      rexml
      rubocop-ast (>= 0.1.0, < 1.0)
      ruby-progressbar (~> 1.7)
      unicode-display_width (>= 1.4.0, < 2.0)
    rubocop-ast (0.1.0)
      parser (>= 2.7.0.1)
    ruby-progressbar (1.10.1)
    rubygems-tasks (0.2.5)
      irb (~> 1.0)
    rutie (0.0.4)
    thermite (0.13.0)
      minitar (~> 0.5)
      rake (>= 10)
      tomlrb (~> 1.2)
    tomlrb (1.3.0)
    unicode-display_width (1.7.0)

PLATFORMS
  ruby

DEPENDENCIES
  bundler (~> 2.0)
  capbac!
  capbac_cli!
  rake
  rubocop (~> 0.87.1)
  rubygems-tasks (~> 0.2.5)

BUNDLED WITH
   2.1.4
