PATH
  remote: .
  specs:
    capbac (0.1.0)
      ffi
      thermite (~> 0)

GEM
  remote: https://rubygems.org/
  specs:
    ffi (1.13.1)
    minitar (0.9)
    rake (13.0.1)
    thermite (0.13.0)
      minitar (~> 0.5)
      rake (>= 10)
      tomlrb (~> 1.2)
    tomlrb (1.3.0)

PLATFORMS
  ruby

DEPENDENCIES
  capbac!
  thermite

BUNDLED WITH
   2.0.2
